GEM
  remote: https://rubygems.org/
  specs:
    date (3.2.2)
    json (2.6.2)
    mini_portile2 (2.8.0)
    nokogiri (1.13.9)
      mini_portile2 (~> 2.8.0)
      racc (~> 1.4)
    open-uri (0.2.0)
      stringio
      time
      uri
    racc (1.6.0)
    stringio (3.0.2)
    time (0.2.0)
      date
    uri (0.11.0)

PLATFORMS
  ruby

DEPENDENCIES
  json
  nokogiri
  open-uri

RUBY VERSION
   ruby 3.1.2p20

BUNDLED WITH
   2.1.4
